GEM
  remote: https://rubygems.org/
  specs:
    diff-lcs (1.2.5)
    hipchat (1.1.0)
      httparty
    httparty (0.13.1)
      json (~> 1.8)
      multi_xml (>= 0.5.2)
    iron_cache (1.4.2)
      iron_core (>= 0.5.1)
    iron_core (1.0.3)
      rest (>= 2.6.4)
    iron_mq (5.0.1)
      iron_core (>= 0.5.1)
    json (1.8.1)
    multi_xml (0.5.5)
    net-http-persistent (2.9.4)
    netrc (0.7.7)
    rake (10.3.1)
    rest (2.7.1)
      net-http-persistent (>= 2.9.1)
      rest_client (>= 1.7.1)
    rest_client (1.7.3)
      netrc (~> 0.7.7)
    rspec (2.14.1)
      rspec-core (~> 2.14.0)
      rspec-expectations (~> 2.14.0)
      rspec-mocks (~> 2.14.0)
    rspec-core (2.14.8)
    rspec-expectations (2.14.5)
      diff-lcs (>= 1.1.3, < 2.0)
    rspec-mocks (2.14.6)

PLATFORMS
  ruby

DEPENDENCIES
  hipchat
  iron_cache
  iron_mq
  rake
  rspec
